GEM
  remote: https://rubygems.org/
  specs:
    json (1.8.1)
    minitest (5.4.3)
    pg (0.18.1)
    rack (1.6.0)
    rack-protection (1.5.3)
      rack
    rack-test (0.6.3)
      rack (>= 1.0)

PLATFORMS
  ruby

DEPENDENCIES
  json
  minitest
  pg
  rack
  rack-protection
  rack-test
