GEM
  remote: https://rubygems.org/
  specs:
    aws-sdk (2.1.1)
      aws-sdk-resources (= 2.1.1)
    aws-sdk-core (2.1.1)
      jmespath (~> 1.0)
    aws-sdk-resources (2.1.1)
      aws-sdk-core (= 2.1.1)
    connection_pool (2.2.0)
    jmespath (1.0.2)
      multi_json (~> 1.0)
    json (1.8.3)
    minitest (5.7.0)
    multi_json (1.11.1)
    pg (0.18.2)
    puma (2.11.3)
      rack (>= 1.1, < 2.0)
    rack (1.6.4)
    rack-protection (1.5.3)
      rack
    rack-test (0.6.3)
      rack (>= 1.0)

PLATFORMS
  ruby

DEPENDENCIES
  aws-sdk
  connection_pool
  json
  minitest
  pg
  puma
  rack
  rack-protection
  rack-test

BUNDLED WITH
   1.10.4
