GEM
  remote: https://rubygems.org/
  specs:
    json (1.8.2)
    minitest (5.6.1)
    pg (0.18.1)
    puma (2.11.2)
      rack (>= 1.1, < 2.0)
    rack (1.6.0)
    rack-protection (1.5.3)
      rack
    rack-test (0.6.3)
      rack (>= 1.0)

PLATFORMS
  ruby

DEPENDENCIES
  json
  minitest
  pg
  puma
  rack
  rack-protection
  rack-test
