GEM
  remote: https://rubygems.org/
  specs:
    connection_pool (2.2.0)
    json (1.8.3)
    minitest (5.8.4)
    pg (0.18.4)
    puma (3.0.2)
    rack (1.6.4)
    rack-protection (1.5.3)
      rack
    rack-test (0.6.3)
      rack (>= 1.0)

PLATFORMS
  ruby

DEPENDENCIES
  connection_pool
  json
  minitest
  pg
  puma
  rack
  rack-protection
  rack-test

BUNDLED WITH
   1.11.2
